GEM
  remote: https://rubygems.org/
  specs:
    ethon (0.16.0)
      ffi (>= 1.15.0)
    ffi (1.17.0)
    shotstack (0.2.6)
      typhoeus (~> 1.0, >= 1.0.1)
    typhoeus (1.4.1)
      ethon (>= 0.9.0)

PLATFORMS
  ruby

DEPENDENCIES
  shotstack

BUNDLED WITH
   2.3.5
