GEM
  remote: https://rubygems.org/
  specs:
    ethon (0.15.0)
      ffi (>= 1.15.0)
    ffi (1.15.5)
    shotstack (0.1.10)
      typhoeus (~> 1.0, >= 1.0.1)
    typhoeus (1.4.0)
      ethon (>= 0.9.0)

PLATFORMS
  ruby

DEPENDENCIES
  shotstack

BUNDLED WITH
   1.17.2
